GEM
  remote: http://rubygems.org/
  specs:
    rake (0.9.2.2)
    rubyzip (0.9.9)

PLATFORMS
  x86-mingw32

DEPENDENCIES
  rake (~> 0.9)
  rubyzip (~> 0.9)
