GIT
  remote: git://github.com/nexussays/version.git
  revision: a6dd30e832ee6a84789bdfffbf64371fd84dfba1
  specs:
    version (1.0.4)

GEM
  remote: http://rubygems.org/
  specs:
    rake (0.9.2.2)
    rubyzip (0.9.6.1)

PLATFORMS
  x86-mingw32

DEPENDENCIES
  rake (~> 0.9)
  rubyzip (~> 0.9)
  version (> 1.0.0)!
